GEM
  remote: https://rubygems.org/
  specs:
    addressable (2.4.0)
    cookiejar (0.3.3)
    em-http-request (1.1.5)
      addressable (>= 2.3.4)
      cookiejar (!= 0.3.1)
      em-socksify (>= 0.3)
      eventmachine (>= 1.0.3)
      http_parser.rb (>= 0.6.0)
    em-socksify (0.3.1)
      eventmachine (>= 1.0.0.beta.4)
    eventmachine (1.2.0.1)
    excon (0.51.0)
    faraday (0.9.2)
      multipart-post (>= 1.2, < 3)
    http_parser.rb (0.6.0)
    json (1.8.1)
    multipart-post (2.0.0)
    simple_oauth (0.3.1)
    yajl-ruby (1.2.1)

PLATFORMS
  ruby

DEPENDENCIES
  em-http-request
  eventmachine
  excon
  faraday
  json
  simple_oauth
  yajl-ruby

BUNDLED WITH
   1.12.5
